GEM
  remote: https://rubygems.org/
  specs:
    addressable (2.3.3)
    awesome_print (1.1.0)
    ffi (1.7.0)
    json_pure (1.7.7)
    kioku (0.1.2)
    net-http-persistent (2.8)
    rack (1.5.2)
    rack-protection (1.5.0)
      rack
    rdf (0.3.11.1)
      addressable (>= 2.2.6)
    rdf-json (0.3.0)
      json_pure (>= 1.4.2)
      rdf (~> 0.3.0)
    rdf-raptor (0.4.2)
      ffi (>= 1.0)
      rdf (~> 0.3.8)
    rdf-sesame (0.3.0)
      json_pure (>= 1.4.2)
      rdf (~> 0.3.0)
    sinatra (1.4.2)
      rack (~> 1.5, >= 1.5.2)
      rack-protection (~> 1.4)
      tilt (~> 1.3, >= 1.3.4)
    sparql-client (0.3.3)
      json_pure (>= 1.4.6)
      net-http-persistent (>= 1.4.1)
      rdf (>= 0.3.5)
    sqlite3 (1.3.7)
    tilt (1.3.7)

PLATFORMS
  ruby

DEPENDENCIES
  awesome_print
  kioku
  rdf
  rdf-json
  rdf-raptor
  rdf-sesame
  sinatra
  sparql-client
  sqlite3
