GEM
  remote: https://rubygems.org/
  specs:
    addressable (2.3.4)
    awesome_print (1.1.0)
    ffi (1.8.1)
    json_pure (1.7.7)
    kioku (0.1.2)
    net-http-persistent (2.8)
    rack (1.5.2)
    rack-protection (1.5.0)
      rack
    rdf (1.0.5)
      addressable (>= 2.2)
    rdf-json (1.0.0)
      json_pure (>= 1.4)
      rdf (>= 1.0)
    rdf-raptor (1.0.1)
      ffi (>= 1.0)
      rdf (>= 1.0.0)
    rdf-sesame (0.1.0)
      json_pure (>= 1.2.0)
      rdf (>= 0.0.9)
    sinatra (1.4.2)
      rack (~> 1.5, >= 1.5.2)
      rack-protection (~> 1.4)
      tilt (~> 1.3, >= 1.3.4)
    sparql-client (1.0.1)
      json_pure (>= 1.4)
      net-http-persistent (>= 1.4)
      rdf (>= 1.0)
    sqlite3 (1.3.7)
    tilt (1.3.7)

PLATFORMS
  ruby

DEPENDENCIES
  awesome_print
  kioku
  rdf (>= 1.0.5)
  rdf-json (>= 1.0.0)
  rdf-raptor (>= 1.0.1)
  rdf-sesame
  sinatra
  sparql-client (>= 1.0.1)
  sqlite3
