GEM
  remote: https://rubygems.org/
  specs:
    addressable (2.2.8)
    awesome_print (1.1.0)
    json_pure (1.4.6)
    kioku (0.1.2)
    rack (1.5.2)
    rack-protection (1.5.0)
      rack
    rdf (0.2.3)
      addressable (~> 2.2.0)
    rdf-json (0.2.0)
      json_pure (~> 1.4.3)
      rdf (~> 0.2.0)
    rdf-raptor (0.4.0)
      rdf (~> 0.2.0)
    rdf-sesame (0.2.0)
      json_pure (~> 1.4.3)
      rdf (~> 0.2.2)
    sinatra (1.4.2)
      rack (~> 1.5, >= 1.5.2)
      rack-protection (~> 1.4)
      tilt (~> 1.3, >= 1.3.4)
    sparql-client (0.0.7)
      json_pure (~> 1.4.0)
      rdf (~> 0.2.0)
    sqlite3 (1.3.7)
    tilt (1.3.7)

PLATFORMS
  ruby

DEPENDENCIES
  awesome_print
  kioku
  rdf
  rdf-json
  rdf-raptor
  rdf-sesame
  sinatra
  sparql-client
  sqlite3
